GEM
  remote: http://rubygems.org/
  specs:
    bio (1.4.2)
    bio-samtools (0.5.0)
      bio (>= 1.4.2)
      ffi
    ffi (1.0.11)
    git (1.2.5)
    jeweler (1.6.4)
      bundler (~> 1.0)
      git (>= 1.2.5)
      rake
    rake (0.9.2.2)
    rcov (0.9.11)
    rinruby (2.0.2)
    shoulda (2.11.3)

PLATFORMS
  ruby

DEPENDENCIES
  bio (>= 1.4.2)
  bio-samtools (~> 0.5.0)
  bundler (~> 1.0.0)
  jeweler (~> 1.6.4)
  rcov
  rinruby (~> 2.0.2)
  shoulda
